GEM
  remote: https://rubygems.org/
  specs:
    childprocess (3.0.0)
    regexp_parser (1.7.1)
    rubyzip (2.3.0)
    selenium-webdriver (3.142.7)
      childprocess (>= 0.5, < 4.0)
      rubyzip (>= 1.2.2)
    watir (6.16.5)
      regexp_parser (~> 1.2)
      selenium-webdriver (~> 3.6)

PLATFORMS
  ruby

DEPENDENCIES
  watir

RUBY VERSION
   ruby 2.7.1p83

BUNDLED WITH
   2.1.4
